GEM
  remote: https://rubygems.org/
  specs:
    pg (1.2.3)
    sequel (5.39.0)

PLATFORMS
  ruby

DEPENDENCIES
  pg
  sequel

RUBY VERSION
   ruby 3.1.4p223

BUNDLED WITH
   2.4.13
